GEM
  remote: https://rubygems.org/
  specs:
    activemodel (5.2.2.1)
      activesupport (= 5.2.2.1)
    activesupport (5.2.2.1)
      concurrent-ruby (~> 1.0, >= 1.0.2)
      i18n (>= 0.7, < 2)
      minitest (~> 5.1)
      tzinfo (~> 1.1)
    addressable (2.6.0)
      public_suffix (>= 2.0.2, < 4.0)
    async (1.17.0)
      event (~> 1.3)
      nio4r (~> 2.3)
      timers (~> 4.1)
    async-io (1.20.0)
      async (~> 1.14)
    async-websocket (0.8.0)
      async-io
      websocket-driver (~> 0.7.0)
    axiom-types (0.1.1)
      descendants_tracker (~> 0.0.4)
      ice_nine (~> 0.11.0)
      thread_safe (~> 0.3, >= 0.3.1)
    bson (4.4.2)
    builder (3.2.3)
    capybara (3.15.0)
      addressable
      mini_mime (>= 0.1.3)
      nokogiri (~> 1.8)
      rack (>= 1.6.0)
      rack-test (>= 0.6.3)
      regexp_parser (~> 1.2)
      xpath (~> 3.2)
    childprocess (0.9.0)
      ffi (~> 1.0, >= 1.0.11)
    coercible (1.0.0)
      descendants_tracker (~> 0.0.1)
    concurrent-ruby (1.1.5)
    crack (0.4.3)
      safe_yaml (~> 1.0.0)
    database_cleaner (1.7.0)
    declarative (0.0.10)
    declarative-option (0.1.0)
    descendants_tracker (0.0.4)
      thread_safe (~> 0.3, >= 0.3.1)
    diff-lcs (1.3)
    equalizer (0.0.11)
    event (1.5.0)
    fabrication (2.20.1)
    faker (1.9.3)
      i18n (>= 0.7)
    faraday (0.15.4)
      multipart-post (>= 1.2, < 3)
    faraday_middleware (0.13.1)
      faraday (>= 0.7.4, < 1.0)
    ffi (1.10.0)
    foreman (0.85.0)
      thor (~> 0.19.1)
    gli (2.18.0)
    grape (1.2.3)
      activesupport
      builder
      mustermann-grape (~> 1.0.0)
      rack (>= 1.3.0)
      rack-accept
      virtus (>= 1.0.0)
    grape-roar (0.4.1)
      grape
      multi_json
      roar (~> 1.1.0)
    grape-swagger (0.32.1)
      grape (>= 0.16.2)
    hashdiff (0.3.8)
    hashie (3.6.0)
    i18n (1.6.0)
      concurrent-ruby (~> 1.0)
    ice_nine (0.11.2)
    kaminari-core (1.1.1)
    kaminari-grape (1.0.1)
      grape
      kaminari-core (~> 1.0)
    kgio (2.11.2)
    mini_mime (1.0.1)
    mini_portile2 (2.4.0)
    minitest (5.11.3)
    mongo (2.8.0)
      bson (>= 4.4.2, < 5.0.0)
    mongoid (7.0.2)
      activemodel (>= 5.1, < 6.0.0)
      mongo (>= 2.5.1, < 3.0.0)
    mongoid-compatibility (0.5.1)
      activesupport
      mongoid (>= 2.0)
    mongoid-scroll (0.3.6)
      i18n
      mongoid (>= 3.0)
      mongoid-compatibility
    multi_json (1.13.1)
    multipart-post (2.0.0)
    mustermann (1.0.3)
    mustermann-grape (1.0.0)
      mustermann (~> 1.0.0)
    newrelic-slack-ruby-bot (0.2.1)
      newrelic_rpm
      slack-ruby-bot (>= 0.10.5)
    newrelic_rpm (6.2.0.354)
    nio4r (2.3.1)
    nokogiri (1.10.1)
      mini_portile2 (~> 2.4.0)
    public_suffix (3.0.3)
    rack (2.0.6)
    rack-accept (0.4.5)
      rack (>= 0.4)
    rack-cors (1.0.2)
    rack-rewrite (1.5.1)
    rack-server-pages (0.1.0)
      rack
    rack-test (1.1.0)
      rack (>= 1.0, < 3)
    raindrops (0.19.0)
    rake (12.3.2)
    regexp_parser (1.3.0)
    representable (3.0.4)
      declarative (< 0.1.0)
      declarative-option (< 0.2.0)
      uber (< 0.2.0)
    roar (1.1.0)
      representable (~> 3.0.0)
    rspec (3.8.0)
      rspec-core (~> 3.8.0)
      rspec-expectations (~> 3.8.0)
      rspec-mocks (~> 3.8.0)
    rspec-core (3.8.0)
      rspec-support (~> 3.8.0)
    rspec-expectations (3.8.2)
      diff-lcs (>= 1.2.0, < 2.0)
      rspec-support (~> 3.8.0)
    rspec-mocks (3.8.0)
      diff-lcs (>= 1.2.0, < 2.0)
      rspec-support (~> 3.8.0)
    rspec-support (3.8.0)
    rubyzip (1.2.2)
    safe_yaml (1.0.5)
    selenium-webdriver (3.141.0)
      childprocess (~> 0.5)
      rubyzip (~> 1.2, >= 1.2.2)
    slack-ruby-bot (0.12.0)
      hashie
      slack-ruby-client (>= 0.14.0)
    slack-ruby-bot-server (0.10.0)
      async-websocket
      foreman
      grape
      grape-roar (>= 0.4.0)
      grape-swagger
      kaminari-grape
      rack-cors
      rack-rewrite
      rack-server-pages
      slack-ruby-bot (>= 0.12.0)
      unicorn
    slack-ruby-client (0.14.1)
      activesupport
      faraday (>= 0.9)
      faraday_middleware
      gli
      hashie
      websocket-driver
    thor (0.19.4)
    thread_safe (0.3.6)
    timers (4.3.0)
    tzinfo (1.2.5)
      thread_safe (~> 0.1)
    uber (0.1.0)
    unicorn (5.5.0)
      kgio (~> 2.6)
      raindrops (~> 0.7)
    vcr (4.0.0)
    virtus (1.0.5)
      axiom-types (~> 0.1)
      coercible (~> 1.0)
      descendants_tracker (~> 0.0, >= 0.0.3)
      equalizer (~> 0.0, >= 0.0.9)
    webmock (3.5.1)
      addressable (>= 2.3.6)
      crack (>= 0.3.2)
      hashdiff
    websocket-driver (0.7.0)
      websocket-extensions (>= 0.1.0)
    websocket-extensions (0.1.3)
    xpath (3.2.0)
      nokogiri (~> 1.8)

PLATFORMS
  ruby

DEPENDENCIES
  capybara
  database_cleaner
  fabrication
  faker
  mongoid
  mongoid-scroll
  newrelic-slack-ruby-bot
  rack-test
  rake
  rspec
  selenium-webdriver
  slack-ruby-bot-server
  unicorn
  vcr
  webmock

RUBY VERSION
   ruby 2.3.1p112

BUNDLED WITH
   1.16.3
